GEM
  remote: http://rubygems.org/
  specs:
    diff-lcs (1.2.1)
    faker (1.1.2)
      i18n (~> 0.5)
    i18n (0.6.4)
    rack (1.5.2)
    rack-protection (1.4.0)
      rack
    rspec (2.13.0)
      rspec-core (~> 2.13.0)
      rspec-expectations (~> 2.13.0)
      rspec-mocks (~> 2.13.0)
    rspec-core (2.13.0)
    rspec-expectations (2.13.0)
      diff-lcs (>= 1.1.3, < 2.0)
    rspec-mocks (2.13.0)
    sinatra (1.3.5)
      rack (~> 1.4)
      rack-protection (~> 1.3)
      tilt (~> 1.3, >= 1.3.3)
    tilt (1.3.4)
    wirble (0.1.3)

PLATFORMS
  ruby

DEPENDENCIES
  faker
  rspec
  sinatra
  wirble
